GEM
  remote: https://rubygems.org/
  specs:
    fiddle (1.1.8)
    hoe (4.2.3)
      rake (>= 0.8, < 15.0)
    minitest (5.25.5)
    rake (13.3.0)

PLATFORMS
  x64-mingw-ucrt
  x64-mingw32
  x86_64-linux

DEPENDENCIES
  fiddle (~> 1.0)
  hoe (~> 4.2)
  minitest (~> 5.23)

BUNDLED WITH
   2.6.7
