GEM
  remote: https://rubygems.org/
  specs:
    hoe (4.2.0)
      rake (>= 0.8, < 15.0)
    minitest (5.23.0)
    rake (13.2.1)

PLATFORMS
  x64-mingw-ucrt
  x64-mingw32
  x86_64-linux

DEPENDENCIES
  hoe (~> 4.2)
  minitest (~> 5.23)

BUNDLED WITH
   2.5.23
